PATH
  remote: .
  specs:
    awsclean (1.0)
      aws-sdk (~> 2.7.4)
      bundler (~> 1.14)
      pry
      thor (~> 0.19.4)

GEM
  remote: https://rubygems.org/
  specs:
    aws-sdk (2.7.4)
      aws-sdk-resources (= 2.7.4)
    aws-sdk-core (2.7.4)
      aws-sigv4 (~> 1.0)
      jmespath (~> 1.0)
    aws-sdk-resources (2.7.4)
      aws-sdk-core (= 2.7.4)
    aws-sigv4 (1.0.0)
    codecov (0.1.10)
      json
      simplecov
      url
    coderay (1.1.1)
    diff-lcs (1.3)
    docile (1.1.5)
    jmespath (1.3.1)
    json (2.1.0)
    method_source (0.8.2)
    pry (0.10.4)
      coderay (~> 1.1.0)
      method_source (~> 0.8.1)
      slop (~> 3.4)
    rake (10.5.0)
    rspec (3.6.0)
      rspec-core (~> 3.6.0)
      rspec-expectations (~> 3.6.0)
      rspec-mocks (~> 3.6.0)
    rspec-core (3.6.0)
      rspec-support (~> 3.6.0)
    rspec-expectations (3.6.0)
      diff-lcs (>= 1.2.0, < 2.0)
      rspec-support (~> 3.6.0)
    rspec-mocks (3.6.0)
      diff-lcs (>= 1.2.0, < 2.0)
      rspec-support (~> 3.6.0)
    rspec-support (3.6.0)
    simplecov (0.14.1)
      docile (~> 1.1.0)
      json (>= 1.8, < 3)
      simplecov-html (~> 0.10.0)
    simplecov-html (0.10.1)
    slop (3.6.0)
    thor (0.19.4)
    url (0.3.2)

PLATFORMS
  ruby

DEPENDENCIES
  awsclean!
  bundler (~> 1.14)
  codecov (~> 0.1.10)
  rake (~> 10.0)
  rspec (~> 3.0)
  rspec-expectations (~> 3.0)

RUBY VERSION
   ruby 2.3.3p222

BUNDLED WITH
   1.15.1
